GEM
  remote: https://rubygems.org/
  specs:
    activemodel (5.1.4)
      activesupport (= 5.1.4)
    activesupport (5.1.4)
      concurrent-ruby (~> 1.0, >= 1.0.2)
      i18n (~> 0.7)
      minitest (~> 5.1)
      tzinfo (~> 1.1)
    concurrent-ruby (1.0.5)
    i18n (0.8.6)
    minitest (5.10.3)
    mustermann (1.0.1)
    oj (3.3.8)
    puma (3.10.0)
    rack (2.0.3)
    rack-flash3 (1.0.5)
      rack
    rack-protection (2.0.0)
      rack
    rack-ssl (1.4.1)
      rack
    ruby-kafka (0.4.2)
    sinatra (2.0.0)
      mustermann (~> 1.0)
      rack (~> 2.0)
      rack-protection (= 2.0.0)
      tilt (~> 2.0)
    thread_safe (0.3.6)
    tilt (2.0.8)
    tzinfo (1.2.3)
      thread_safe (~> 0.1)

PLATFORMS
  ruby

DEPENDENCIES
  activemodel (= 5.1.4)
  oj (= 3.3.8)
  puma (= 3.10.0)
  rack-flash3 (= 1.0.5)
  rack-ssl (= 1.4.1)
  ruby-kafka (= 0.4.2)
  sinatra (= 2.0.0)

BUNDLED WITH
   1.15.3
